REDIRECTS: ON
NUGET
  remote: http://api.nuget.org/v3/index.json
  specs:
    FSharp.Core (4.0.0.1)
    Microsoft.ServiceFabric (4.4.87-preview)
    Microsoft.ServiceFabric.Actors (1.4.87-preview)
      Microsoft.ServiceFabric (4.4.87-preview)
      Microsoft.ServiceFabric.Data (1.4.87-preview)
      Microsoft.ServiceFabric.Services (1.4.87-preview)
    Microsoft.ServiceFabric.Data (1.4.87-preview)
      Microsoft.ServiceFabric (4.4.87-preview)
    Microsoft.ServiceFabric.Services (1.4.87-preview)
      Microsoft.ServiceFabric (4.4.87-preview)
      Microsoft.ServiceFabric.Data (1.4.87-preview)
    Suave (0.33.0)
      FSharp.Core (>= 3.1.2.5)
